GEM
  remote: https://rubygems.org/
  specs:
    ey-hmac (2.1.0)
    rack (2.0.1)

PLATFORMS
  ruby

DEPENDENCIES
  ey-hmac
  rack

BUNDLED WITH
   1.12.4
